GIT
  remote: git://github.com/eric/metriks-librato_metrics.git
  revision: ccbeb751ec5fc4edfe446d8a67a423b96ebe86c7
  specs:
    metriks-librato_metrics (1.0.2)
      metriks (>= 0.9.9.6)

GIT
  remote: git://github.com/travis-ci/travis-support.git
  revision: 4fdd220ed7b06a12951e5d74a763c05a80eb0d20
  specs:
    travis-support (0.0.1)

GEM
  remote: https://rubygems.org/
  specs:
    activesupport (4.1.2)
      i18n (~> 0.6, >= 0.6.9)
      json (~> 1.7, >= 1.7.7)
      minitest (~> 5.1)
      thread_safe (~> 0.1)
      tzinfo (~> 1.1)
    addressable (2.3.6)
    atomic (1.1.16)
    avl_tree (1.1.3)
    backports (3.6.0)
    celluloid (0.15.2)
      timers (~> 1.1.0)
    coder (0.4.0)
    diff-lcs (1.2.5)
    faraday (0.9.0)
      multipart-post (>= 1.2, < 3)
    ffi (1.9.3)
    hashie (2.1.1)
    hitimes (1.2.2)
    i18n (0.6.9)
    json (1.8.1)
    jwt (1.2.0)
    listen (2.7.5)
      celluloid (>= 0.15.2)
      rb-fsevent (>= 0.9.3)
      rb-inotify (>= 0.9)
    metaclass (0.0.4)
    metriks (0.9.9.6)
      atomic (~> 1.0)
      avl_tree (~> 1.1.2)
      hitimes (~> 1.1)
    minitest (5.3.5)
    mocha (0.10.5)
      metaclass (~> 0.0.1)
    multi_json (1.10.1)
    multipart-post (2.0.0)
    puma (2.8.2)
      rack (>= 1.1, < 2.0)
    rack (1.5.2)
    rack-protection (1.5.3)
      rack
    rack-ssl (1.4.1)
      rack
    rack-test (0.6.2)
      rack (>= 1.0)
    rb-fsevent (0.9.4)
    rb-inotify (0.9.4)
      ffi (>= 0.5.0)
    rerun (0.10.0)
      listen (~> 2.7, >= 2.7.3)
    rspec (3.0.0)
      rspec-core (~> 3.0.0)
      rspec-expectations (~> 3.0.0)
      rspec-mocks (~> 3.0.0)
    rspec-core (3.0.2)
      rspec-support (~> 3.0.0)
    rspec-expectations (3.0.2)
      diff-lcs (>= 1.2.0, < 2.0)
      rspec-support (~> 3.0.0)
    rspec-mocks (3.0.2)
      rspec-support (~> 3.0.0)
    rspec-support (3.0.2)
    sentry-raven (0.8.0)
      faraday (>= 0.7.6)
      hashie (>= 1.1.0)
      uuidtools
    sinatra (1.4.5)
      rack (~> 1.4)
      rack-protection (~> 1.4)
      tilt (~> 1.3, >= 1.3.4)
    sinatra-contrib (1.4.2)
      backports (>= 2.0)
      multi_json
      rack-protection
      rack-test
      sinatra (~> 1.4.0)
      tilt (~> 1.3)
    thread_safe (0.3.4)
    tilt (1.4.1)
    timers (1.1.0)
    tzinfo (1.2.1)
      thread_safe (~> 0.1)
    uuidtools (2.1.4)

PLATFORMS
  ruby

DEPENDENCIES
  activesupport (~> 4.0)
  addressable (~> 2.3)
  coder
  jwt
  metriks (= 0.9.9.6)
  metriks-librato_metrics!
  mocha (~> 0.10.0)
  puma
  rack-ssl (~> 1.4)
  rerun
  rspec (~> 3.0)
  sentry-raven
  sinatra (~> 1.4)
  sinatra-contrib
  travis-support!
